NRRD0002
type: unsigned char
dimension: 3
sizes: 256 256 256
spacings: 1 1 1
data file: ./aneurism.raw.gz
encoding: gzip
source URL:=http://www.gris.uni-tuebingen.de/areas/scivis/volren/datasets/data/aneurism.raw.gz
courtesy:=Philips Research, Hamburg, Germany
