NRRD0001
type: unsigned char
dimension: 3
sizes: 150 150 150
data file: ./mol.150x150x150.gz
encoding: gz
